PATH
  remote: .
  specs:
    cotton-tail (0.7.0)
      bunny (~> 2.12)
      ibsciss-middleware (~> 0.4.2)

GEM
  remote: https://rubygems.org/
  specs:
    amq-protocol (2.3.0)
    ast (2.4.0)
    benchmark-perf (0.4.0)
    benchmark-trend (0.2.0)
    bunny (2.13.0)
      amq-protocol (~> 2.3, >= 2.3.0)
    debase (0.2.3.beta5)
      debase-ruby_core_source (>= 0.10.2)
    debase-ruby_core_source (0.10.4)
    diff-lcs (1.3)
    faraday (0.13.1)
      multipart-post (>= 1.2, < 3)
    faraday_middleware (0.12.2)
      faraday (>= 0.7.4, < 1.0)
    hashie (3.6.0)
    ibsciss-middleware (0.4.2)
    jaro_winkler (1.5.2)
    multi_json (1.13.1)
    multipart-post (2.0.0)
    parallel (1.13.0)
    parser (2.6.0.0)
      ast (~> 2.4.0)
    powerpack (0.1.2)
    rabbitmq_http_api_client (1.11.0)
      faraday (~> 0.13.0)
      faraday_middleware (~> 0.12.0)
      hashie (~> 3.5)
      multi_json (~> 1.12)
    rainbow (3.0.0)
    rake (12.3.2)
    rspec (3.8.0)
      rspec-core (~> 3.8.0)
      rspec-expectations (~> 3.8.0)
      rspec-mocks (~> 3.8.0)
    rspec-benchmark (0.4.0)
      benchmark-perf (~> 0.4.0)
      benchmark-trend (~> 0.2.0)
      rspec (>= 3.0.0, < 4.0.0)
    rspec-core (3.8.0)
      rspec-support (~> 3.8.0)
    rspec-expectations (3.8.2)
      diff-lcs (>= 1.2.0, < 2.0)
      rspec-support (~> 3.8.0)
    rspec-its (1.3.0)
      rspec-core (>= 3.0.0)
      rspec-expectations (>= 3.0.0)
    rspec-mocks (3.8.0)
      diff-lcs (>= 1.2.0, < 2.0)
      rspec-support (~> 3.8.0)
    rspec-support (3.8.0)
    rspec_junit_formatter (0.4.1)
      rspec-core (>= 2, < 4, != 2.12.0)
    rubocop (0.63.1)
      jaro_winkler (~> 1.5.1)
      parallel (~> 1.10)
      parser (>= 2.5, != 2.5.1.1)
      powerpack (~> 0.1)
      rainbow (>= 2.2.2, < 4.0)
      ruby-progressbar (~> 1.7)
      unicode-display_width (~> 1.4.0)
    ruby-debug-ide (0.7.0.beta7)
      rake (>= 0.8.1)
    ruby-progressbar (1.10.0)
    unicode-display_width (1.4.1)

PLATFORMS
  ruby

DEPENDENCIES
  bundler (~> 1.16)
  cotton-tail!
  debase (= 0.2.3.beta5)
  rabbitmq_http_api_client (~> 1.9)
  rake (~> 12.0)
  rspec (~> 3.0)
  rspec-benchmark (~> 0.4)
  rspec-its (~> 1.2)
  rspec_junit_formatter
  rubocop (~> 0.60)
  ruby-debug-ide (= 0.7.0.beta7)

BUNDLED WITH
   1.17.3
