PATH
  remote: .
  specs:
    cotton-tail (0.7.0)
      bunny (~> 2.24)
      ibsciss-middleware (~> 0.4.3)

GEM
  remote: https://rubygems.org/
  specs:
    addressable (2.8.7)
      public_suffix (>= 2.0.2, < 7.0)
    amq-protocol (2.3.4)
    ast (2.4.3)
    benchmark-malloc (0.2.0)
    benchmark-perf (0.6.0)
    benchmark-trend (0.4.0)
    bunny (2.24.0)
      amq-protocol (~> 2.3)
      sorted_set (~> 1, >= 1.0.2)
    debase (0.2.9)
      debase-ruby_core_source (>= 3.4.1)
    debase-ruby_core_source (3.4.1)
    diff-lcs (1.6.2)
    faraday (2.13.1)
      faraday-net_http (>= 2.0, < 3.5)
      json
      logger
    faraday-follow_redirects (0.3.0)
      faraday (>= 1, < 3)
    faraday-net_http (3.4.0)
      net-http (>= 0.5.0)
    hashie (4.1.0)
    ibsciss-middleware (0.4.3)
    json (2.12.2)
    language_server-protocol (3.17.0.5)
    lint_roller (1.1.0)
    logger (1.7.0)
    multi_json (1.15.0)
    net-http (0.6.0)
      uri
    parallel (1.27.0)
    parser (3.3.8.0)
      ast (~> 2.4.1)
      racc
    prism (1.4.0)
    public_suffix (6.0.2)
    rabbitmq_http_api_client (3.0.0)
      addressable (~> 2.7)
      faraday (~> 2.9)
      faraday-follow_redirects (~> 0.3)
      hashie (~> 4.1)
      multi_json (~> 1.15)
    racc (1.8.1)
    rainbow (3.1.1)
    rake (13.3.0)
    rbtree (0.4.6)
    regexp_parser (2.10.0)
    rspec (3.13.1)
      rspec-core (~> 3.13.0)
      rspec-expectations (~> 3.13.0)
      rspec-mocks (~> 3.13.0)
    rspec-benchmark (0.6.0)
      benchmark-malloc (~> 0.2)
      benchmark-perf (~> 0.6)
      benchmark-trend (~> 0.4)
      rspec (>= 3.0)
    rspec-core (3.13.4)
      rspec-support (~> 3.13.0)
    rspec-expectations (3.13.5)
      diff-lcs (>= 1.2.0, < 2.0)
      rspec-support (~> 3.13.0)
    rspec-its (2.0.0)
      rspec-core (>= 3.13.0)
      rspec-expectations (>= 3.13.0)
    rspec-mocks (3.13.5)
      diff-lcs (>= 1.2.0, < 2.0)
      rspec-support (~> 3.13.0)
    rspec-support (3.13.4)
    rspec_junit_formatter (0.6.0)
      rspec-core (>= 2, < 4, != 2.12.0)
    rubocop (1.76.1)
      json (~> 2.3)
      language_server-protocol (~> 3.17.0.2)
      lint_roller (~> 1.1.0)
      parallel (~> 1.10)
      parser (>= 3.3.0.2)
      rainbow (>= 2.2.2, < 4.0)
      regexp_parser (>= 2.9.3, < 3.0)
      rubocop-ast (>= 1.45.0, < 2.0)
      ruby-progressbar (~> 1.7)
      unicode-display_width (>= 2.4.0, < 4.0)
    rubocop-ast (1.45.1)
      parser (>= 3.3.7.2)
      prism (~> 1.4)
    rubocop-rake (0.7.1)
      lint_roller (~> 1.1)
      rubocop (>= 1.72.1)
    rubocop-rspec (3.6.0)
      lint_roller (~> 1.1)
      rubocop (~> 1.72, >= 1.72.1)
    ruby-debug-ide (0.7.5)
      rake (>= 0.8.1)
    ruby-progressbar (1.13.0)
    set (1.1.2)
    sorted_set (1.0.3)
      rbtree
      set (~> 1.0)
    unicode-display_width (3.1.4)
      unicode-emoji (~> 4.0, >= 4.0.4)
    unicode-emoji (4.0.4)
    uri (1.0.3)

PLATFORMS
  arm64-darwin-23
  ruby

DEPENDENCIES
  bundler (~> 2.5)
  cotton-tail!
  debase (= 0.2.9)
  rabbitmq_http_api_client (~> 3.0)
  rake (~> 13.3)
  rspec (~> 3.13)
  rspec-benchmark (~> 0.6)
  rspec-its (~> 2.0)
  rspec_junit_formatter
  rubocop (~> 1.76)
  rubocop-rake (~> 0.7.1)
  rubocop-rspec (~> 3.6)
  ruby-debug-ide (= 0.7.5)

BUNDLED WITH
   2.5.9
